GIT
  remote: https://github.com/vpereira/pull_request_builder
  revision: b2b1c99e384f74e705238dfff84b9e15a58337c0
  specs:
    pull_request_builder (0.1.0)
      activemodel (~> 5.2)
      cheetah (~> 0.5.0)
      nokogiri (~> 1.10)
      octokit (~> 4.9)

GEM
  remote: https://rubygems.org/
  specs:
    abstract_method (1.2.1)
    activemodel (5.2.2.1)
      activesupport (= 5.2.2.1)
    activesupport (5.2.2.1)
      concurrent-ruby (~> 1.0, >= 1.0.2)
      i18n (>= 0.7, < 2)
      minitest (~> 5.1)
      tzinfo (~> 1.1)
    addressable (2.5.2)
      public_suffix (>= 2.0.2, < 4.0)
    cheetah (0.5.0)
      abstract_method (~> 1.2)
    concurrent-ruby (1.1.5)
    faraday (0.15.4)
      multipart-post (>= 1.2, < 3)
    i18n (1.6.0)
      concurrent-ruby (~> 1.0)
    mini_portile2 (2.4.0)
    minitest (5.11.3)
    multipart-post (2.0.0)
    nokogiri (1.10.1)
      mini_portile2 (~> 2.4.0)
    nokogiri (1.10.1-java)
    octokit (4.13.0)
      sawyer (~> 0.8.0, >= 0.5.3)
    public_suffix (3.0.3)
    sawyer (0.8.1)
      addressable (>= 2.3.5, < 2.6)
      faraday (~> 0.8, < 1.0)
    slop (4.6.2)
    thread_safe (0.3.6)
    thread_safe (0.3.6-java)
    tzinfo (1.2.5)
      thread_safe (~> 0.1)

PLATFORMS
  java
  ruby

DEPENDENCIES
  pull_request_builder!
  slop

BUNDLED WITH
   1.16.6
